GEM
  remote: https://rubygems.org/
  specs:
    rack (1.5.2)
    rack-protection (1.5.0)
      rack
    ruby-oembed (0.8.8)
    sinatra (1.4.3)
      rack (~> 1.4)
      rack-protection (~> 1.4)
      tilt (~> 1.3, >= 1.3.4)
    tilt (1.4.1)
    youtube_search (0.1.7)

PLATFORMS
  ruby

DEPENDENCIES
  ruby-oembed
  sinatra
  youtube_search
